GEM
  remote: https://rubygems.org/
  specs:
    erubis (2.7.0)
    mustermann (1.0.3)
    nio4r (2.5.2)
    puma (4.3.0)
      nio4r (~> 2.0)
    rack (2.0.7)
    rack-protection (2.0.7)
      rack
    sinatra (2.0.7)
      mustermann (~> 1.0)
      rack (~> 2.0)
      rack-protection (= 2.0.7)
      tilt (~> 2.0)
    tilt (2.0.10)

PLATFORMS
  ruby

DEPENDENCIES
  erubis
  puma
  sinatra

RUBY VERSION
   ruby 2.6.5p114

BUNDLED WITH
   1.17.3
